GEM
  remote: https://rubygems.org/
  specs:
    activesupport (6.1.3.2)
      concurrent-ruby (~> 1.0, >= 1.0.2)
      i18n (>= 1.6, < 2)
      minitest (>= 5.1)
      tzinfo (~> 2.0)
      zeitwerk (~> 2.3)
    concurrent-ruby (1.1.8)
    dotenv (2.7.6)
    i18n (1.8.10)
      concurrent-ruby (~> 1.0)
    mem (0.1.5)
    minitest (5.14.4)
    ruboty (1.3.1)
      activesupport
      bundler
      dotenv
      mem
      slop
    slop (4.9.0)
    tzinfo (2.0.4)
      concurrent-ruby (~> 1.0)
    zeitwerk (2.4.2)

PLATFORMS
  x86_64-darwin-19

DEPENDENCIES
  ruboty

BUNDLED WITH
   2.2.15
